GEM
  remote: http://rubygems.org/
  specs:
    bubble-wrap (1.1.4)
    rake (10.0.2)

PLATFORMS
  ruby

DEPENDENCIES
  bubble-wrap
  rake
